GEM
  remote: https://rubygems.org/
  specs:
    byebug (11.1.3)
    coderay (1.1.3)
    method_source (1.0.0)
    minitest (5.16.3)
    minitest-focus (1.3.1)
      minitest (>= 4, < 6)
    pry (0.14.1)
      coderay (~> 1.1)
      method_source (~> 1.0)
    pry-byebug (3.10.1)
      byebug (~> 11.0)
      pry (>= 0.13, < 0.15)

PLATFORMS
  arm64-darwin-21

DEPENDENCIES
  minitest
  minitest-focus
  pry
  pry-byebug

RUBY VERSION
   ruby 3.1.2p20

BUNDLED WITH
   2.3.7
